{
    "Modality": "MR",
    "MagneticFieldStrength": 3,
    "ImagingFrequency": 123.259,
    "Manufacturer": "Siemens",
    "ManufacturersModelName": "MAGNETOM Prisma Fit",
    "InstitutionName": "Freie Universit\u00e4t Berlin",
    "InstitutionAddress": "Habelschwerdter Allee 45,Berlin,District,DE,14195",
    "DeviceSerialNumber": "167110",
    "StationName": "AWP167110",
    "BodyPartExamined": "BRAIN",
    "PatientPosition": "HFS",
    "ProcedureStepDescription": "CCNB Projekte",
    "SoftwareVersions": "syngo MR XA60",
    "MRAcquisitionType": "3D",
    "SeriesDescription": "anat_t1w_mprage_sag_p2_0.8mm",
    "ProtocolName": "anat_t1w_mprage_sag_p2_0.8mm",
    "ScanningSequence": "GR\\IR",
    "SequenceVariant": "SK\\SP\\MP\\OSP",
    "ImageType": [
        "ORIGINAL",
        "PRIMARY",
        "M",
        "NONE"
    ],
    "SeriesNumber": 5,
    "AcquisitionTime": "11:30:16.285000",
    "AcquisitionNumber": 1,
    "SliceThickness": 0.8,
    "EchoTime": 0.00352,
    "RepetitionTime": 1.93,
    "MTState": false,
    "InversionTime": 0.971,
    "FlipAngle": 8,
    "PartialFourier": 1,
    "BaseResolution": 256,
    "ShimSetting": [
        -5775,
        -4825,
        -5219,
        23,
        -16,
        -13,
        -12,
        3
    ],
    "TxRefAmp": 255.877,
    "PhaseResolution": 1,
    "PhaseOversampling": 0.1,
    "ReceiveCoilName": "HeadNeck_64",
    "ReceiveCoilActiveElements": "HC1-7",
    "CoilString": "HeadNeck_64",
    "PulseSequenceDetails": "%SiemensSeq%\\tfl",
    "RefLinesPE": 24,
    "CoilCombinationMethod": "Adaptive Combine",
    "MatrixCoilMode": "GRAPPA",
    "PercentPhaseFOV": 115.625,
    "PercentSampling": 100,
    "AcquisitionMatrixPE": 296,
    "ReconMatrixPE": 296,
    "ParallelReductionFactorInPlane": 2,
    "ParallelAcquisitionTechnique": "GRAPPA",
    "PixelBandwidth": 199,
    "ImageOrientationPatientDICOM": [
        -0.0878226,
        0.995567,
        0.0336749,
        0.0115661,
        0.0348224,
        -0.999327
    ],
    "InPlanePhaseEncodingDirectionDICOM": "ROW",
    "ConversionSoftware": "dcm2niix",
    "ConversionSoftwareVersion": "v1.0.20220505",
    "Dcm2bidsVersion": "3.2.0"
}