{
    "Modality": "MR",
    "MagneticFieldStrength": 3,
    "ImagingFrequency": 123.259,
    "Manufacturer": "Siemens",
    "ManufacturersModelName": "MAGNETOM Prisma Fit",
    "InstitutionName": "Freie Universit\u00e4t Berlin",
    "InstitutionAddress": "Habelschwerdter Allee 45,Berlin,District,DE,14195",
    "DeviceSerialNumber": "167110",
    "StationName": "AWP167110",
    "BodyPartExamined": "BRAIN",
    "PatientPosition": "HFS",
    "ProcedureStepDescription": "CCNB Projekte",
    "SoftwareVersions": "syngo MR XA60",
    "MRAcquisitionType": "2D",
    "SeriesDescription": "ep2d_func_dir-AP_sms-3_bold",
    "ProtocolName": "ep2d_func_dir-AP_sms-3_bold",
    "ScanningSequence": "EP",
    "SequenceVariant": "SK\\SS",
    "ImageType": [
        "ORIGINAL",
        "PRIMARY",
        "FMRI",
        "NONE"
    ],
    "SeriesNumber": 19,
    "AcquisitionTime": "12:30:22.190000",
    "AcquisitionNumber": 1,
    "ImageComments": "Not for diagnostic use, Unaliased MB3/PE3/LB",
    "SliceThickness": 2,
    "SpacingBetweenSlices": 2,
    "EchoTime": 0.0308,
    "RepetitionTime": 2,
    "MTState": false,
    "FlipAngle": 60,
    "PartialFourier": 0.75,
    "BaseResolution": 110,
    "ShimSetting": [
        -5789,
        -4882,
        -4974,
        435,
        -5,
        -328,
        -48,
        5
    ],
    "TxRefAmp": 216.436,
    "PhaseResolution": 1,
    "ReceiveCoilName": "HeadNeck_64",
    "ReceiveCoilActiveElements": "HC1-7",
    "CoilString": "HeadNeck_64",
    "PulseSequenceDetails": "%CustomerSeq%\\cmrr_mbep2d_bold",
    "WipMemBlock": "84c266a2-cc56-4aef-8e77-b462065aefb2||Sequence: R017 nxva60a/main r/6e12f6f8f; Feb 23 2024 13:27:27 by eja",
    "CoilCombinationMethod": "Sum of Squares",
    "MatrixCoilMode": "SENSE",
    "PercentPhaseFOV": 100,
    "PercentSampling": 100,
    "EchoTrainLength": 83,
    "PartialFourierDirection": "PHASE",
    "AcquisitionMatrixPE": 110,
    "ReconMatrixPE": 110,
    "BandwidthPerPixelPhaseEncode": 15.949,
    "EffectiveEchoSpacing": 0.000569999,
    "DerivedVendorReportedEchoSpacing": 0.000569999,
    "TotalReadoutTime": 0.0621299,
    "PixelBandwidth": 2165,
    "PhaseEncodingDirection": "j-",
    "SliceTiming": [
        0,
        0.9075,
        1.815,
        0.7425,
        1.65,
        0.5775,
        1.485,
        0.4125,
        1.32,
        0.2475,
        1.155,
        0.0825,
        0.99,
        1.8975,
        0.825,
        1.7325,
        0.66,
        1.5675,
        0.495,
        1.4025,
        0.33,
        1.2375,
        0.165,
        1.0725,
        0,
        0.9075,
        1.815,
        0.7425,
        1.65,
        0.5775,
        1.485,
        0.4125,
        1.32,
        0.2475,
        1.155,
        0.0825,
        0.99,
        1.8975,
        0.825,
        1.7325,
        0.66,
        1.5675,
        0.495,
        1.4025,
        0.33,
        1.2375,
        0.165,
        1.0725,
        0,
        0.9075,
        1.815,
        0.7425,
        1.65,
        0.5775,
        1.485,
        0.4125,
        1.32,
        0.2475,
        1.155,
        0.0825,
        0.99,
        1.8975,
        0.825,
        1.7325,
        0.66,
        1.5675,
        0.495,
        1.4025,
        0.33,
        1.2375,
        0.165,
        1.0725
    ],
    "ImageOrientationPatientDICOM": [
        1,
        -9.78985e-07,
        7.93742e-06,
        3.07534e-08,
        0.992943,
        0.118593
    ],
    "InPlanePhaseEncodingDirectionDICOM": "COL",
    "ConversionSoftware": "dcm2niix",
    "ConversionSoftwareVersion": "v1.0.20220505",
    "Dcm2bidsVersion": "3.2.0",
    "TaskName": "functional"
}